GEM
  remote: https://rubygems.org/
  specs:
    dotenv (1.0.2)
    easypost (2.1.0)
      multi_json (>= 1.0.4, < 2)
      rest-client (~> 1.4)
    json (1.8.1)
    mime-types (2.4.3)
    multi_json (1.10.1)
    netrc (0.9.0)
    rack (1.5.2)
    rack-protection (1.5.3)
      rack
    rest-client (1.7.2)
      mime-types (>= 1.16, < 3.0)
      netrc (~> 0.7)
    sinatra (1.4.5)
      rack (~> 1.4)
      rack-protection (~> 1.4)
      tilt (~> 1.3, >= 1.3.4)
    tilt (1.4.1)

PLATFORMS
  ruby

DEPENDENCIES
  dotenv (= 1.0.2)
  easypost (= 2.1.0)
  json (= 1.8.1)
  sinatra (= 1.4.5)
